GEM
  remote: https://rubygems.org/
  specs:
    rufo (0.18.0)

PLATFORMS
  arm64-darwin-23
  x86_64-darwin-24

DEPENDENCIES
  rufo (~> 0.18.0)

BUNDLED WITH
   2.4.1
