GEM
  remote: https://rubygems.org/
  specs:
    ruby-prof (1.7.1)
    rufo (0.18.0)

PLATFORMS
  arm64-darwin-23
  x86_64-darwin-24

DEPENDENCIES
  ruby-prof (~> 1.7)
  rufo (~> 0.18.0)

BUNDLED WITH
   2.4.1
